GEM
  remote: http://rubygems.org/
  specs:
    database_cleaner (0.6.7)
    diff-lcs (1.1.3)
    rspec (2.6.0)
      rspec-core (~> 2.6.0)
      rspec-expectations (~> 2.6.0)
      rspec-mocks (~> 2.6.0)
    rspec-core (2.6.4)
    rspec-expectations (2.6.0)
      diff-lcs (~> 1.1.2)
    rspec-mocks (2.6.0)
    ruby-ole (1.2.11.4)
    spreadsheet (0.7.4)
      ruby-ole (>= 1.0)
    sqlite3 (1.3.6)

PLATFORMS
  ruby

DEPENDENCIES
  database_cleaner (~> 0.6.0)
  rspec (~> 2.6.0)
  spreadsheet
  sqlite3
